PATH
  remote: .
  specs:
    array_additions (0.1.0)

GEM
  remote: https://rubygems.org/
  specs:

PLATFORMS
  x86_64-darwin-20

DEPENDENCIES
  array_additions!

BUNDLED WITH
   2.2.21
