PATH
  remote: .
  specs:
    array_additions (0.1.0)

GEM
  remote: https://rubygems.org/
  specs:
    sqlite3 (1.4.2)

PLATFORMS
  x86_64-darwin-20

DEPENDENCIES
  array_additions!
  sqlite3

BUNDLED WITH
   2.2.21
